GEM
  remote: http://rubygems.org/
  specs:
    ZURB-foundation (2.2.0.1)
      compass (>= 0.11.5)
    chunky_png (1.2.5)
    compass (0.12.1)
      chunky_png (~> 1.2)
      fssm (>= 0.2.7)
      sass (~> 3.1)
    cri (2.2.1)
    execjs (1.3.0)
      multi_json (~> 1.0)
    fssm (0.2.9)
    haml (3.1.4)
    libv8 (3.3.10.4)
    mime-types (1.18)
    multi_json (1.2.0)
    nanoc (3.3.3)
      cri (~> 2.2)
    nokogiri (1.5.2)
    rack (1.4.1)
    redcarpet (2.1.1)
    ruby-oembed (0.8.7)
    sass (3.1.15)
    systemu (2.5.0)
    therubyracer (0.10.1)
      libv8 (~> 3.3.10)
    uglifier (1.2.4)
      execjs (>= 0.3.0)
      multi_json (>= 1.0.2)

PLATFORMS
  ruby

DEPENDENCIES
  ZURB-foundation
  compass
  haml
  mime-types
  nanoc
  nokogiri
  rack
  redcarpet
  ruby-oembed
  systemu
  therubyracer
  uglifier
